GEM
  remote: http://rubygems.org/
  specs:
    bouncy-castle-java (1.5.0147)
    builder (3.2.2)
    colorize (0.5.8)
    cucumber (1.1.0)
      builder (>= 2.1.2)
      diff-lcs (>= 1.1.2)
      gherkin (~> 2.5.0)
      json (>= 1.4.6)
      term-ansicolor (>= 1.0.6)
    diff-lcs (1.2.4)
    gherkin (2.5.4)
      json (>= 1.4.6)
    gherkin (2.5.4-java)
      json (>= 1.4.6)
    hoe (3.6.3)
      rake (>= 0.8, < 11.0)
    hoe-git (1.5.0)
      hoe (>= 2.2.0)
    jruby-openssl (0.8.8)
      bouncy-castle-java (>= 1.5.0147)
    json (1.8.0)
    json (1.8.0-java)
    json_pure (1.8.0)
    minitest (5.0.6)
    rake (10.1.0)
    rcov (1.0.0)
    rdoc (4.0.1)
      json (~> 1.4)
    rspec (2.14.1)
      rspec-core (~> 2.14.0)
      rspec-expectations (~> 2.14.0)
      rspec-mocks (~> 2.14.0)
    rspec-core (2.14.4)
    rspec-expectations (2.14.0)
      diff-lcs (>= 1.1.3, < 2.0)
    rspec-mocks (2.14.1)
    rubyforge (2.0.4)
      json_pure (>= 1.1.7)
    spinach (0.1.5.4)
      colorize
      gherkin (= 2.5.4)
    term-ansicolor (1.2.2)
      tins (~> 0.8)
    test-unit (2.5.5)
    tins (0.8.3)

PLATFORMS
  java
  ruby

DEPENDENCIES
  builder
  cucumber
  hoe
  hoe-git (~> 1.5.0)
  jruby-openssl
  minitest
  rcov
  rdoc
  rspec (> 2.0.0)
  rubyforge
  spinach (< 0.2)
  test-unit (> 2.0.0)
